GEM
  remote: http://rubygems.org/
  specs:
    diff-lcs (1.1.3)
    hashie (1.2.0)
    oauth (0.4.5)
    rspec (2.8.0)
      rspec-core (~> 2.8.0)
      rspec-expectations (~> 2.8.0)
      rspec-mocks (~> 2.8.0)
    rspec-core (2.8.0)
    rspec-expectations (2.8.0)
      diff-lcs (~> 1.1.2)
    rspec-mocks (2.8.0)
    timecop (0.3.5)
    userstream (1.2.1)
      hashie (~> 1.2.0)
      oauth (~> 0.4.5)

PLATFORMS
  ruby

DEPENDENCIES
  bundler (~> 1.0.0)
  rspec (~> 2.8.0)
  timecop (~> 0.3.5)
  userstream (~> 1.2.1)
